{
    "Modality": "MR",
    "MagneticFieldStrength": 0.006,
    "ImagingFrequency": 2.699112,
    "Manufacturer": "Hyperfine",
    "ManufacturersModelName": "swoop",
    "InstitutionName": "KCL Centre for Neuroimaging Sciences",
    "InstitutionAddress": "Centre for Neuroimaging Sciences, De Crespigny Park, Camberwell, SE5 8AF, UK",
    "DeviceSerialNumber": "HG21070041",
    "StationName": "CNSHFA",
    "PatientPosition": "HFS",
    "SoftwareVersions": "rc8.6.0",
    "MRAcquisitionType": "3D",
    "SeriesDescription": "rc86_T2_sag_adv_rec-NOT FOR DIAGNOSTIC USE",
    "ProtocolName": "rc86_T2_sag_adv_rec",
    "PulseSequenceName": "rc86_T2_sag_adv_",
    "ImageType": [
        "ORIGINAL",
        "PRIMARY",
        "T2",
        "NONE"
    ],
    "SeriesNumber": 21,
    "AcquisitionTime": "15:55:21.000000",
    "SliceThickness": 5,
    "NumberOfAverages": 2,
    "EchoTime": 0.19904,
    "RepetitionTime": 2,
    "MTState": false,
    "FlipAngle": 90,
    "CoilString": "815-11016-04",
    "PercentPhaseFOV": 80,
    "PercentSampling": 100,
    "PartialFourierDirection": "PHASE",
    "PhaseEncodingSteps": 146,
    "FrequencyEncodingSteps": 146,
    "ReconMatrixPE": 146,
    "AcquisitionDuration": 348.683,
    "PixelBandwidth": 438.356,
    "ImageOrientationPatientDICOM": [
        0,
        1,
        0,
        0,
        0,
        -1
    ],
    "InPlanePhaseEncodingDirectionDICOM": "ROW",
    "ConversionSoftware": "dcm2niix",
    "ConversionSoftwareVersion": "v1.0.20230411",
    "Dcm2bidsVersion": "2.1.7"
}