{
    "Modality": "MR",
    "MagneticFieldStrength": 3,
    "ImagingFrequency": 127.764943,
    "Manufacturer": "GE",
    "ManufacturersModelName": "SIGNA Premier",
    "InstitutionName": "CNS Maudsley and IoP Premier",
    "DeviceSerialNumber": "00000070043MRS07",
    "StationName": "CNSCNSF",
    "BodyPartExamined": "BRAIN",
    "PatientPosition": "HFS",
    "ProcedureStepDescription": "HYPE06",
    "SoftwareVersions": "29\\LX\\RX29.1_R02_2131.a",
    "MRAcquisitionType": "3D",
    "SeriesDescription": "Sag_CUBE_T2",
    "ProtocolName": "HYPE",
    "ScanningSequence": "RM",
    "SequenceVariant": "NONE",
    "ScanOptions": "SAT_GEMS\\EDR_GEMS\\PROMO_GEMS\\FILTERED_GEMS\\ACC_GEMS\\FS\\FSI_GEMS\\FR_GEMS",
    "PulseSequenceName": "research/ABCD/3dfse",
    "ImageType": [
        "ORIGINAL",
        "PRIMARY",
        "OTHER"
    ],
    "SeriesNumber": 3,
    "AcquisitionTime": "10:10:13.000000",
    "AcquisitionNumber": 1,
    "SliceThickness": 1,
    "SpacingBetweenSlices": 1,
    "SAR": 0.3618,
    "EchoTime": 0.060079,
    "RepetitionTime": 3.2,
    "FlipAngle": 90,
    "ShimSetting": [
        60,
        -2,
        -200
    ],
    "PrescanReuseString": "TG/s2,Coil/s1",
    "CoilString": "48HAP",
    "PercentPhaseFOV": 100,
    "PercentSampling": 100,
    "EchoTrainLength": 140,
    "AcquisitionMatrixPE": 256,
    "ReconMatrixPE": 256,
    "ParallelReductionFactorInPlane": 2,
    "ParallelReductionFactorOutOfPlane": 1.5,
    "PixelBandwidth": 244.141,
    "PhaseEncodingAxis": "i",
    "ImageOrientationPatientDICOM": [
        0,
        1,
        0,
        0,
        0,
        -1
    ],
    "InPlanePhaseEncodingDirectionDICOM": "ROW",
    "ConversionSoftware": "dcm2niix",
    "ConversionSoftwareVersion": "v1.0.20230411",
    "Dcm2bidsVersion": "2.1.7"
}