{
    "Modality": "MR",
    "MagneticFieldStrength": 0.006,
    "ImagingFrequency": 2.7062,
    "Manufacturer": "Hyperfine",
    "ManufacturersModelName": "swoop",
    "InstitutionName": "KCL Centre for Neuroimaging Sciences",
    "InstitutionAddress": "Centre for Neuroimaging Sciences, De Crespigny Park, Camberwell, SE5 8AF, UK",
    "DeviceSerialNumber": "HG21070041",
    "StationName": "CNSHFA",
    "PatientPosition": "HFS",
    "SoftwareVersions": "rc8.6.0",
    "MRAcquisitionType": "3D",
    "SeriesDescription": "rc86_T1_graywhite_iso_2p34mm_adv_rec-NOT FOR DIAGNOSTIC USE",
    "ProtocolName": "rc86_T1_graywhite_iso_2p34mm_adv_rec",
    "PulseSequenceName": "rc86_T1_graywhit",
    "ImageType": [
        "ORIGINAL",
        "PRIMARY",
        "T1",
        "NONE"
    ],
    "SeriesNumber": 13,
    "AcquisitionTime": "17:18:50.000000",
    "SliceThickness": 2.34,
    "NumberOfAverages": 2,
    "EchoTime": 0.00559,
    "RepetitionTime": 1.5,
    "MTState": false,
    "InversionTime": 0.3,
    "FlipAngle": 90,
    "CoilString": "815-11016-04",
    "PercentPhaseFOV": 100,
    "PercentSampling": 100,
    "PhaseEncodingSteps": 78,
    "FrequencyEncodingSteps": 94,
    "ReconMatrixPE": 78,
    "AcquisitionDuration": 555.6,
    "PixelBandwidth": 680.851,
    "ImageOrientationPatientDICOM": [
        1,
        0,
        0,
        0,
        1,
        0
    ],
    "InPlanePhaseEncodingDirectionDICOM": "ROW",
    "ConversionSoftware": "dcm2niix",
    "ConversionSoftwareVersion": "v1.0.20230411",
    "Dcm2bidsVersion": "2.1.7"
}