{
    "Modality": "MR",
    "MagneticFieldStrength": 3,
    "ImagingFrequency": 127.764857,
    "Manufacturer": "GE",
    "ManufacturersModelName": "SIGNA Premier",
    "InstitutionName": "CNS Maudsley and IoP Premier",
    "DeviceSerialNumber": "00000070043MRS07",
    "StationName": "CNSCNSF",
    "BodyPartExamined": "BRAIN",
    "PatientPosition": "HFS",
    "ProcedureStepDescription": "HYPE21",
    "SoftwareVersions": "29\\LX\\RX29.1_R02_2131.a",
    "MRAcquisitionType": "3D",
    "SeriesDescription": "Sag_MPRAGE_T1",
    "ProtocolName": "HYPE",
    "ScanningSequence": "RM\\IR",
    "SequenceVariant": "NONE",
    "ScanOptions": "EDR_GEMS\\PROMO_GEMS\\FILTERED_GEMS\\ACC_GEMS\\FSI_GEMS\\IR_GEMS",
    "PulseSequenceName": "research/ABCD/efgre3d",
    "ImageType": [
        "ORIGINAL",
        "PRIMARY",
        "OTHER"
    ],
    "SeriesNumber": 2,
    "AcquisitionTime": "10:34:28.000000",
    "AcquisitionNumber": 1,
    "SliceThickness": 1,
    "SpacingBetweenSlices": 1,
    "SAR": 0.0703863,
    "EchoTime": 0.002836,
    "RepetitionTime": 2.50032,
    "InversionTime": 1.06,
    "FlipAngle": 8,
    "ShimSetting": [
        24,
        -23,
        -249
    ],
    "PrescanReuseString": "TG/s1,RN/s1,Coil/s1",
    "CoilString": "48HAP",
    "PercentPhaseFOV": 100,
    "PercentSampling": 100,
    "AcquisitionMatrixPE": 256,
    "ReconMatrixPE": 256,
    "ParallelReductionFactorInPlane": 2,
    "ParallelReductionFactorOutOfPlane": 2,
    "PixelBandwidth": 244.141,
    "ImageOrientationPatientDICOM": [
        0,
        1,
        0,
        0,
        0,
        -1
    ],
    "InPlanePhaseEncodingDirectionDICOM": "ROW",
    "ConversionSoftware": "dcm2niix",
    "ConversionSoftwareVersion": "v1.0.20230411",
    "Dcm2bidsVersion": "2.1.7"
}