{
    "Modality": "MR",
    "MagneticFieldStrength": 0.006,
    "ImagingFrequency": 2.710022,
    "Manufacturer": "Hyperfine",
    "ManufacturersModelName": "swoop",
    "InstitutionName": "KCL Centre for Neuroimaging Sciences",
    "InstitutionAddress": "Centre for Neuroimaging Sciences, De Crespigny Park, Camberwell, SE5 8AF, UK",
    "DeviceSerialNumber": "HG21070041",
    "StationName": "CNSHFA",
    "PatientPosition": "HFS",
    "SoftwareVersions": "rc8.6.0",
    "MRAcquisitionType": "3D",
    "SeriesDescription": "rc86_T1_graywhite_axi_adv_rec-NOT FOR DIAGNOSTIC USE",
    "ProtocolName": "rc86_T1_graywhite_axi_adv_rec",
    "PulseSequenceName": "rc86_T1_graywhit",
    "ImageType": [
        "ORIGINAL",
        "PRIMARY",
        "T1",
        "NONE"
    ],
    "SeriesNumber": 6,
    "AcquisitionTime": "16:20:45.000000",
    "SliceThickness": 5,
    "NumberOfAverages": 2,
    "EchoTime": 0.007,
    "RepetitionTime": 1.5,
    "MTState": false,
    "InversionTime": 0.3,
    "FlipAngle": 90,
    "CoilString": "815-11016-04",
    "PercentPhaseFOV": 100,
    "PercentSampling": 100,
    "PhaseEncodingSteps": 112,
    "FrequencyEncodingSteps": 138,
    "ReconMatrixPE": 112,
    "AcquisitionDuration": 375.683,
    "PixelBandwidth": 463.768,
    "ImageOrientationPatientDICOM": [
        1,
        0,
        0,
        0,
        1,
        0
    ],
    "InPlanePhaseEncodingDirectionDICOM": "ROW",
    "ConversionSoftware": "dcm2niix",
    "ConversionSoftwareVersion": "v1.0.20230411",
    "Dcm2bidsVersion": "2.1.7"
}